GIT
  remote: https://github.com/gjtorikian/html-proofer.git
  revision: 527109aacf4b18e69025bbdf6c3d9d2d49719b3b
  specs:
    html-proofer (5.0.10)
      addressable (~> 2.3)
      async (~> 2.1)
      nokogiri (~> 1.13)
      pdf-reader (~> 2.11)
      rainbow (~> 3.0)
      typhoeus (~> 1.3)
      yell (~> 2.0)
      zeitwerk (~> 2.5)

GEM
  remote: https://rubygems.org/
  specs:
    Ascii85 (2.0.1)
    addressable (2.8.7)
      public_suffix (>= 2.0.2, < 7.0)
    afm (0.2.2)
    async (2.23.1)
      console (~> 1.29)
      fiber-annotation
      io-event (~> 1.9)
      metrics (~> 0.12)
      traces (~> 0.15)
    base64 (0.2.0)
    bigdecimal (3.1.9)
    colorator (1.1.0)
    concurrent-ruby (1.3.5)
    console (1.30.2)
      fiber-annotation
      fiber-local (~> 1.1)
      json
    csv (3.3.3)
    debase (0.2.9)
      debase-ruby_core_source (>= 3.4.1)
    debase-ruby_core_source (3.4.1)
    em-websocket (0.5.3)
      eventmachine (>= 0.12.9)
      http_parser.rb (~> 0)
    ethon (0.16.0)
      ffi (>= 1.15.0)
    eventmachine (1.2.7)
    execjs (2.10.0)
    faraday (2.12.2)
      faraday-net_http (>= 2.0, < 3.5)
      json
      logger
    faraday-net_http (3.4.0)
      net-http (>= 0.5.0)
    faraday-retry (2.2.1)
      faraday (~> 2.0)
    fast-stemmer (1.0.2)
    ffi (1.17.1)
    ffi (1.17.1-aarch64-linux-gnu)
    ffi (1.17.1-aarch64-linux-musl)
    ffi (1.17.1-arm-linux-gnu)
    ffi (1.17.1-arm-linux-musl)
    ffi (1.17.1-arm64-darwin)
    ffi (1.17.1-x86-linux-gnu)
    ffi (1.17.1-x86-linux-musl)
    ffi (1.17.1-x86_64-darwin)
    ffi (1.17.1-x86_64-linux-gnu)
    ffi (1.17.1-x86_64-linux-musl)
    fiber-annotation (0.2.0)
    fiber-local (1.1.0)
      fiber-storage
    fiber-storage (1.0.0)
    forwardable-extended (2.6.0)
    google-protobuf (4.30.2)
      bigdecimal
      rake (>= 13)
    google-protobuf (4.30.2-aarch64-linux)
      bigdecimal
      rake (>= 13)
    google-protobuf (4.30.2-arm64-darwin)
      bigdecimal
      rake (>= 13)
    google-protobuf (4.30.2-x86-linux)
      bigdecimal
      rake (>= 13)
    google-protobuf (4.30.2-x86_64-darwin)
      bigdecimal
      rake (>= 13)
    google-protobuf (4.30.2-x86_64-linux)
      bigdecimal
      rake (>= 13)
    hashery (2.1.2)
    http_parser.rb (0.8.0)
    i18n (1.14.7)
      concurrent-ruby (~> 1.0)
    io-event (1.10.0)
    jekyll (4.3.4)
      addressable (~> 2.4)
      colorator (~> 1.0)
      em-websocket (~> 0.5)
      i18n (~> 1.0)
      jekyll-sass-converter (>= 2.0, < 4.0)
      jekyll-watch (~> 2.0)
      kramdown (~> 2.3, >= 2.3.1)
      kramdown-parser-gfm (~> 1.0)
      liquid (~> 4.0)
      mercenary (>= 0.3.6, < 0.5)
      pathutil (~> 0.9)
      rouge (>= 3.0, < 5.0)
      safe_yaml (~> 1.0)
      terminal-table (>= 1.8, < 4.0)
      webrick (~> 1.7)
    jekyll-admin (0.12.0)
      jekyll (>= 3.7, < 5.0)
      rackup (~> 2.0)
      sinatra (~> 4.0)
      sinatra-contrib (~> 4.0)
    jekyll-browsersync (1.0.0)
      jekyll (>= 3.0.0, < 5.0)
      tty-which (~> 0.4.1)
    jekyll-compose (0.12.0)
      jekyll (>= 3.7, < 5.0)
    jekyll-feed (0.17.0)
      jekyll (>= 3.7, < 5.0)
    jekyll-gist (1.5.0)
      octokit (~> 4.2)
    jekyll-include-cache (0.2.1)
      jekyll (>= 3.7, < 5.0)
    jekyll-paginate (1.1.0)
    jekyll-sass-converter (3.1.0)
      sass-embedded (~> 1.75)
    jekyll-seo-tag (2.8.0)
      jekyll (>= 3.8, < 5.0)
    jekyll-sitemap (1.4.0)
      jekyll (>= 3.7, < 5.0)
    jekyll-watch (2.2.1)
      listen (~> 3.0)
    json (2.10.2)
    kramdown (2.4.0)
      rexml
    kramdown-parser-gfm (1.1.0)
      kramdown (~> 2.0)
    libv8 (3.16.14.19.1)
    libv8 (3.16.14.19.1-amd64-freebsd-10)
    libv8 (3.16.14.19.1-amd64-freebsd-11)
    libv8 (3.16.14.19.1-arm-linux)
    libv8 (3.16.14.19.1-armv7l-linux)
    libv8 (3.16.14.19.1-universal-darwin)
    libv8 (3.16.14.19.1-x86-linux)
    libv8 (3.16.14.19.1-x86_64-darwin)
    libv8 (3.16.14.19.1-x86_64-linux)
    liquid (4.0.4)
    listen (3.9.0)
      rb-fsevent (~> 0.10, >= 0.10.3)
      rb-inotify (~> 0.9, >= 0.9.10)
    logger (1.7.0)
    mercenary (0.4.0)
    metrics (0.12.2)
    mini_portile2 (2.8.8)
    minimal-mistakes-jekyll (4.26.2)
      jekyll (>= 3.7, < 5.0)
      jekyll-feed (~> 0.1)
      jekyll-gist (~> 1.5)
      jekyll-include-cache (~> 0.1)
      jekyll-paginate (~> 1.1)
      jekyll-sitemap (~> 1.3)
    multi_json (1.15.0)
    mustermann (3.0.3)
      ruby2_keywords (~> 0.0.1)
    net-http (0.6.0)
      uri
    nokogiri (1.18.6)
      mini_portile2 (~> 2.8.2)
      racc (~> 1.4)
    nokogiri (1.18.6-aarch64-linux-gnu)
      racc (~> 1.4)
    nokogiri (1.18.6-aarch64-linux-musl)
      racc (~> 1.4)
    nokogiri (1.18.6-arm-linux-gnu)
      racc (~> 1.4)
    nokogiri (1.18.6-arm-linux-musl)
      racc (~> 1.4)
    nokogiri (1.18.6-arm64-darwin)
      racc (~> 1.4)
    nokogiri (1.18.6-x86_64-darwin)
      racc (~> 1.4)
    nokogiri (1.18.6-x86_64-linux-gnu)
      racc (~> 1.4)
    nokogiri (1.18.6-x86_64-linux-musl)
      racc (~> 1.4)
    octokit (4.25.1)
      faraday (>= 1, < 3)
      sawyer (~> 0.9)
    pathutil (0.16.2)
      forwardable-extended (~> 2.6)
    pdf-reader (2.14.1)
      Ascii85 (>= 1.0, < 3.0, != 2.0.0)
      afm (~> 0.2.1)
      hashery (~> 2.0)
      ruby-rc4
      ttfunk
    public_suffix (6.0.1)
    racc (1.8.1)
    rack (3.1.12)
    rack-protection (4.1.1)
      base64 (>= 0.1.0)
      logger (>= 1.6.0)
      rack (>= 3.0.0, < 4)
    rack-session (2.1.0)
      base64 (>= 0.1.0)
      rack (>= 3.0.0)
    rackup (2.2.1)
      rack (>= 3)
    rainbow (3.1.1)
    rake (13.2.1)
    rb-fsevent (0.11.2)
    rb-inotify (0.11.1)
      ffi (~> 1.0)
    ref (2.0.0)
    rexml (3.4.1)
    rouge (4.1.3)
    ruby-debug-ide (0.7.5)
      rake (>= 0.8.1)
    ruby-rc4 (0.1.5)
    ruby2_keywords (0.0.5)
    safe_yaml (1.0.5)
    sass-embedded (1.86.0)
      google-protobuf (~> 4.30)
      rake (>= 13)
    sass-embedded (1.86.0-aarch64-linux-android)
      google-protobuf (~> 4.30)
    sass-embedded (1.86.0-aarch64-linux-gnu)
      google-protobuf (~> 4.30)
    sass-embedded (1.86.0-aarch64-linux-musl)
      google-protobuf (~> 4.30)
    sass-embedded (1.86.0-arm-linux-androideabi)
      google-protobuf (~> 4.30)
    sass-embedded (1.86.0-arm-linux-gnueabihf)
      google-protobuf (~> 4.30)
    sass-embedded (1.86.0-arm-linux-musleabihf)
      google-protobuf (~> 4.30)
    sass-embedded (1.86.0-arm64-darwin)
      google-protobuf (~> 4.30)
    sass-embedded (1.86.0-riscv64-linux-android)
      google-protobuf (~> 4.30)
    sass-embedded (1.86.0-riscv64-linux-gnu)
      google-protobuf (~> 4.30)
    sass-embedded (1.86.0-riscv64-linux-musl)
      google-protobuf (~> 4.30)
    sass-embedded (1.86.0-x86_64-darwin)
      google-protobuf (~> 4.30)
    sass-embedded (1.86.0-x86_64-linux-android)
      google-protobuf (~> 4.30)
    sass-embedded (1.86.0-x86_64-linux-gnu)
      google-protobuf (~> 4.30)
    sass-embedded (1.86.0-x86_64-linux-musl)
      google-protobuf (~> 4.30)
    sawyer (0.9.2)
      addressable (>= 2.3.5)
      faraday (>= 0.17.3, < 3)
    sinatra (4.1.1)
      logger (>= 1.6.0)
      mustermann (~> 3.0)
      rack (>= 3.0.0, < 4)
      rack-protection (= 4.1.1)
      rack-session (>= 2.0.0, < 3)
      tilt (~> 2.0)
    sinatra-contrib (4.1.1)
      multi_json (>= 0.0.2)
      mustermann (~> 3.0)
      rack-protection (= 4.1.1)
      sinatra (= 4.1.1)
      tilt (~> 2.0)
    terminal-table (3.0.2)
      unicode-display_width (>= 1.1.1, < 3)
    therubyracer (0.12.3)
      libv8 (~> 3.16.14.15)
      ref
    tilt (2.6.0)
    traces (0.15.2)
    ttfunk (1.8.0)
      bigdecimal (~> 3.1)
    tty-which (0.4.2)
    typhoeus (1.4.1)
      ethon (>= 0.9.0)
    uglifier (4.2.1)
      execjs (>= 0.3.0, < 3)
    unicode-display_width (2.6.0)
    uri (1.0.3)
    webrick (1.8.2)
    yell (2.2.2)
    zeitwerk (2.7.2)

PLATFORMS
  aarch64-linux
  aarch64-linux-android
  aarch64-linux-gnu
  aarch64-linux-musl
  amd64-freebsd-10
  amd64-freebsd-11
  arm-linux
  arm-linux-androideabi
  arm-linux-gnu
  arm-linux-gnueabihf
  arm-linux-musl
  arm-linux-musleabihf
  arm64-darwin
  armv7l-linux
  riscv64-linux-android
  riscv64-linux-gnu
  riscv64-linux-musl
  ruby
  universal-darwin
  x86-linux
  x86-linux-gnu
  x86-linux-musl
  x86_64-darwin
  x86_64-linux
  x86_64-linux-android
  x86_64-linux-musl

DEPENDENCIES
  csv
  debase (~> 0.2.9)
  faraday-retry
  fast-stemmer (~> 1.0.2)
  html-proofer!
  jekyll (~> 4.3.2)
  jekyll-admin
  jekyll-browsersync
  jekyll-compose
  jekyll-feed (~> 0.17.0)
  jekyll-gist (~> 1.5.0)
  jekyll-include-cache (~> 0.2.1)
  jekyll-paginate (~> 1.1.0)
  jekyll-seo-tag (~> 2.8.0)
  jekyll-sitemap (~> 1.4.0)
  kramdown (~> 2.4.0)
  minimal-mistakes-jekyll
  rouge (~> 4.1.2)
  ruby-debug-ide (~> 0.7.3)
  therubyracer
  tzinfo (~> 1.2.10)
  tzinfo-data
  uglifier (~> 4.2.0)
  webrick (~> 1.8.1)

BUNDLED WITH
   2.6.6
